PATH
  remote: .
  specs:
    geoclue (0.1.1)
      ruby-dbus (~> 0.15.0)

GEM
  remote: https://rubygems.org/
  specs:
    minitest (5.11.3)
    rake (13.0.1)
    ruby-dbus (0.15.0)

PLATFORMS
  ruby

DEPENDENCIES
  bundler (~> 1.17)
  geoclue!
  minitest (~> 5.0)
  rake (~> 13.0)

BUNDLED WITH
   1.17.2
